GEM
  remote: https://rubygems.org/
  specs:
    coderay (1.1.3)
    date (3.3.3)
    filesize (0.2.0)
    fileutils (1.7.1)
    json (2.6.3)
    logger (1.5.3)
    method_source (1.0.0)
    pp (0.4.0)
      prettyprint
    prettyprint (0.1.1)
    pry (0.14.2)
      coderay (~> 1.1)
      method_source (~> 1.0)
    securerandom (0.2.2)
    shellwords (0.1.0)
    yaml (0.2.1)

PLATFORMS
  x86_64-darwin-22

DEPENDENCIES
  date
  filesize
  fileutils
  json
  logger
  pp
  pry
  securerandom
  shellwords
  yaml

BUNDLED WITH
   2.4.20
